GEM
  remote: http://rubygems.org/
  specs:
    activesupport (5.2.0)
      concurrent-ruby (~> 1.0, >= 1.0.2)
      i18n (>= 0.7, < 2)
      minitest (~> 5.1)
      tzinfo (~> 1.1)
    addressable (2.5.2)
      public_suffix (>= 2.0.2, < 4.0)
    chronic (0.6.7)
    commonjs (0.2.7)
    concurrent-ruby (1.0.5)
    erubis (2.7.0)
    excon (0.62.0)
    hashie (3.5.7)
    heroku (3.99.1)
      heroku-api (= 0.4.2)
      launchy (= 2.4.3)
      multi_json (= 1.11.2)
      net-ssh (= 2.9.2)
      net-ssh-gateway (= 1.2.0)
      netrc (= 0.10.3)
      rest-client (= 1.6.8)
      rubyzip (= 1.1.7)
    heroku-api (0.4.2)
      excon (~> 0.45)
      multi_json (~> 1.8)
    httmultiparty (0.3.16)
      httparty (>= 0.7.3)
      mimemagic
      multipart-post
    http_router (0.11.2)
      rack (>= 1.0.0)
      url_mount (~> 0.2.1)
    httparty (0.16.2)
      multi_xml (>= 0.5.2)
    httpclient (2.8.3)
    i18n (0.9.5)
      concurrent-ruby (~> 1.0)
    json (2.1.0)
    launchy (2.4.3)
      addressable (~> 2.3)
    less (2.6.0)
      commonjs (~> 0.2.7)
    libxml-ruby (3.1.0)
    mail (2.7.0)
      mini_mime (>= 0.1.1)
    mime-types (1.25.1)
    mimemagic (0.3.2)
    mini_mime (1.0.0)
    minitest (5.11.3)
    moneta (0.7.20)
    multi_json (1.11.2)
    multi_xml (0.6.0)
    multipart-post (2.0.0)
    net-ssh (2.9.2)
    net-ssh-gateway (1.2.0)
      net-ssh (>= 2.6.5)
    netrc (0.10.3)
    padrino (0.12.9)
      padrino-admin (= 0.12.9)
      padrino-cache (= 0.12.9)
      padrino-core (= 0.12.9)
      padrino-gen (= 0.12.9)
      padrino-helpers (= 0.12.9)
      padrino-mailer (= 0.12.9)
      padrino-support (= 0.12.9)
    padrino-admin (0.12.9)
      padrino-core (= 0.12.9)
      padrino-helpers (= 0.12.9)
    padrino-cache (0.12.9)
      moneta (~> 0.7.0)
      padrino-core (= 0.12.9)
      padrino-helpers (= 0.12.9)
    padrino-core (0.12.9)
      activesupport (>= 3.1)
      http_router (~> 0.11.0)
      padrino-support (= 0.12.9)
      rack-protection (>= 1.5.0)
      sinatra (>= 1.4.6)
      thor (~> 0.18)
    padrino-gen (0.12.9)
      bundler (~> 1.0)
      padrino-core (= 0.12.9)
    padrino-helpers (0.12.9)
      i18n (~> 0.6, >= 0.6.7)
      padrino-support (= 0.12.9)
      tilt (>= 1.4.1, < 3)
    padrino-mailer (0.12.9)
      mail (~> 2.5)
      mime-types (< 3)
      padrino-core (= 0.12.9)
    padrino-support (0.12.9)
      activesupport (>= 3.1)
    pg (0.13.0)
    public_suffix (3.0.2)
    rack (1.6.10)
    rack-less (3.0.2)
      less (~> 2.0)
      rack (~> 1.0)
    rack-protection (1.5.5)
      rack
    rake (12.3.1)
    rdoc (6.0.4)
    rest-client (1.6.8)
      mime-types (~> 1.16)
      rdoc (>= 2.4.2)
    ruby-echonest (0.5.0)
      hashie
      httpclient
      libxml-ruby
    rubyzip (1.1.7)
    sequel (3.32.0)
    shotgun (0.9.2)
      rack (>= 1.0)
    sinatra (1.4.8)
      rack (~> 1.5)
      rack-protection (~> 1.4)
      tilt (>= 1.3, < 3)
    sinatra-flash (0.3.0)
      sinatra (>= 1.0.0)
    soundcloud (0.3.4)
      hashie
      httmultiparty (~> 0.3.0)
    sqlite3 (1.3.5)
    thor (0.20.0)
    thread_safe (0.3.6)
    tilt (2.0.8)
    tzinfo (1.2.5)
      thread_safe (~> 0.1)
    url_mount (0.2.1)
      rack

PLATFORMS
  ruby

DEPENDENCIES
  chronic
  erubis (~> 2.7.0)
  heroku (>= 3.31.0)
  json (>= 1.6.8)
  padrino (= 0.12.9)
  pg
  rack (~> 1.6.0)
  rack-less (>= 3.0.2)
  rake
  ruby-echonest (>= 0.3.0)
  sequel
  shotgun (>= 0.9)
  sinatra-flash (>= 0.3.0)
  soundcloud (>= 0.3.0)
  sqlite3

BUNDLED WITH
   1.16.1
